GEM
  remote: http://rubygems.org/
  remote: http://gems.sugarpond.net/
  specs:
    actionmailer (2.3.14)
      actionpack (= 2.3.14)
    actionpack (2.3.14)
      activesupport (= 2.3.14)
      rack (~> 1.1.0)
    activerecord (2.3.14)
      activesupport (= 2.3.14)
    activeresource (2.3.14)
      activesupport (= 2.3.14)
    activesupport (2.3.14)
    addressable (2.2.7)
    ae_users_legacy (0.6.7)
      ruby-openid (>= 2.0.4)
    airbrake (3.0.5)
      activesupport
      builder
    builder (3.0.0)
    capybara (1.1.2)
      mime-types (>= 1.16)
      nokogiri (>= 1.3.3)
      rack (>= 1.0.0)
      rack-test (>= 0.5.4)
      selenium-webdriver (~> 2.0)
      xpath (~> 0.1.4)
    childprocess (0.3.2)
      ffi (~> 1.0.6)
    configuration (1.2.0)
    cucumber (1.1.3)
      builder (>= 2.1.2)
      diff-lcs (>= 1.1.2)
      gherkin (~> 2.6.7)
      json (>= 1.4.6)
      term-ansicolor (>= 1.0.6)
    cucumber-rails (0.3.2)
      cucumber (>= 0.8.0)
    daemons (1.1.8)
    database_cleaner (0.6.5)
    diff-lcs (1.1.3)
    eventmachine (0.12.10)
    factory_girl (1.3.3)
    fastercsv (1.5.4)
    ffi (1.0.11)
    gherkin (2.6.8)
      json (>= 1.4.6)
    google4r-checkout (1.1.1)
      money (>= 2.3.0)
    gruff (0.3.6)
    heroku (1.6.3)
      json (>= 1.1.0)
      launchy (>= 0.3.2)
      rest-client (>= 1.2.0, < 2.0.0)
    heroku_external_db (1.0.0)
    hoe (2.6.1)
      rake (>= 0.8.7)
    i18n (0.4.2)
    jipe (1.0.0)
    journey_paywall (1.0.10)
      activerecord (~> 2.3.5)
      google4r-checkout (~> 1.1.0)
    json (1.6.3)
    launchy (0.4.0)
      configuration (>= 0.0.5)
      rake (>= 0.8.1)
    libwebsocket (0.1.3)
      addressable
    mime-types (1.18)
    money (5.0.0)
      i18n (~> 0.4)
      json
    multi_json (1.3.2)
    mysql2 (0.2.18)
    nokogiri (1.5.2)
    paginator (1.1.1)
      hoe (>= 1.6.0)
    rack (1.1.3)
    rack-ssl (1.3.2)
      rack
    rack-test (0.6.1)
      rack (>= 1.0)
    rails (2.3.14)
      actionmailer (= 2.3.14)
      actionpack (= 2.3.14)
      activerecord (= 2.3.14)
      activeresource (= 2.3.14)
      activesupport (= 2.3.14)
      rake (>= 0.8.3)
    rake (0.9.2.2)
    rest-client (1.6.1)
      mime-types (>= 1.16)
    rmagick (2.13.1)
    ruby-openid (2.1.8)
    rubyzip (0.9.7)
    selenium-webdriver (2.21.2)
      childprocess (>= 0.2.5)
      ffi (~> 1.0)
      libwebsocket (~> 0.1.3)
      multi_json (~> 1.0)
      rubyzip
    sequel (3.31.0)
    shoulda (2.11.3)
    sqlite3 (1.3.6)
    term-ansicolor (1.0.7)
    thin (1.3.1)
      daemons (>= 1.0.9)
      eventmachine (>= 0.12.6)
      rack (>= 1.0.0)
    will_paginate (2.3.16)
    xebec (2.6.0)
    xpath (0.1.4)
      nokogiri (~> 1.3)

PLATFORMS
  ruby

DEPENDENCIES
  ae_users_legacy (= 0.6.7)
  airbrake
  bundler
  capybara (>= 0.3.5)
  cucumber-rails
  database_cleaner (>= 0.5.0)
  factory_girl
  fastercsv
  gruff (~> 0.3.6)
  heroku
  heroku_external_db (>= 1.0.0)
  i18n (= 0.4.2)
  jipe (>= 1.0.0)
  journey_paywall (= 1.0.10)
  launchy
  mysql2 (~> 0.2.18)
  paginator
  rack-ssl
  rails (= 2.3.14)
  rmagick
  rmagick4j
  ruby-openid
  sequel
  shoulda
  sqlite3
  thin
  will_paginate (~> 2.3.16)
  xebec (= 2.6.0)
