GEM
  remote: http://rubygems.org/
  specs:
    actionmailer (2.3.17)
      actionpack (= 2.3.17)
    actionpack (2.3.17)
      activesupport (= 2.3.17)
      rack (~> 1.1.0)
    activerecord (2.3.17)
      activesupport (= 2.3.17)
    activeresource (2.3.17)
      activesupport (= 2.3.17)
    activesupport (2.3.17)
    addressable (2.2.7)
    ae_users_migrator (1.0.5)
      activerecord (>= 2.3)
    airbrake (3.1.8)
      activesupport
      builder
    builder (3.1.4)
    cancan (1.6.9)
    capybara (1.1.2)
      mime-types (>= 1.16)
      nokogiri (>= 1.3.3)
      rack (>= 1.0.0)
      rack-test (>= 0.5.4)
      selenium-webdriver (~> 2.0)
      xpath (~> 0.1.4)
    childprocess (0.3.2)
      ffi (~> 1.0.6)
    coderay (1.0.6)
    configuration (1.2.0)
    cucumber (1.1.3)
      builder (>= 2.1.2)
      diff-lcs (>= 1.1.2)
      gherkin (~> 2.6.7)
      json (>= 1.4.6)
      term-ansicolor (>= 1.0.6)
    cucumber-rails (0.3.2)
      cucumber (>= 0.8.0)
    daemons (1.1.9)
    database_cleaner (0.6.5)
    devise (1.0.11)
      warden (~> 0.10.3)
    devise_cas_authenticatable (1.0.0)
      devise (>= 1.0.6)
      rubycas-client (>= 2.2.1)
    diff-lcs (1.1.3)
    eventmachine (1.0.3)
    factory_girl (1.3.3)
    fastercsv (1.5.4)
    ffi (1.0.11)
    gherkin (2.6.8)
      json (>= 1.4.6)
    gruff (0.3.6)
    heroku_external_db (1.0.0)
    hoe (2.6.1)
      rake (>= 0.8.7)
    i18n (0.4.2)
    illyan_client (1.0.2)
      activeresource
    jipe (1.0.0)
    json (1.7.7)
    launchy (0.4.0)
      configuration (>= 0.0.5)
      rake (>= 0.8.1)
    libwebsocket (0.1.3)
      addressable
    method_source (0.7.1)
    mime-types (1.18)
    multi_json (1.3.2)
    mysql2 (0.2.18)
    newrelic_rpm (3.6.1.87)
    nokogiri (1.5.2)
    paginator (1.1.1)
      hoe (>= 1.6.0)
    pry (0.9.9.6)
      coderay (~> 1.0.5)
      method_source (~> 0.7.1)
      slop (>= 2.4.4, < 3)
    pry-rails (0.1.6)
      pry
    rack (1.1.6)
    rack-ssl (1.3.2)
      rack
    rack-test (0.6.1)
      rack (>= 1.0)
    rails (2.3.17)
      actionmailer (= 2.3.17)
      actionpack (= 2.3.17)
      activerecord (= 2.3.17)
      activeresource (= 2.3.17)
      activesupport (= 2.3.17)
      rake (>= 0.8.3)
    rake (10.0.4)
    rmagick (2.13.1)
    rubycas-client (2.2.1)
      activesupport
    rubyzip (0.9.7)
    selenium-webdriver (2.21.2)
      childprocess (>= 0.2.5)
      ffi (~> 1.0)
      libwebsocket (~> 0.1.3)
      multi_json (~> 1.0)
      rubyzip
    sequel (3.31.0)
    shoulda (2.11.3)
    slop (2.4.4)
    sqlite3 (1.3.6)
    term-ansicolor (1.0.7)
    thin (1.3.1)
      daemons (>= 1.0.9)
      eventmachine (>= 0.12.6)
      rack (>= 1.0.0)
    warden (0.10.7)
      rack (>= 1.0.0)
    will_paginate (2.3.16)
    xebec (2.6.0)
    xpath (0.1.4)
      nokogiri (~> 1.3)

PLATFORMS
  ruby

DEPENDENCIES
  ae_users_migrator
  airbrake
  bundler
  cancan
  capybara (>= 0.3.5)
  cucumber-rails
  database_cleaner (>= 0.5.0)
  devise (~> 1.0.0)
  devise_cas_authenticatable
  factory_girl
  fastercsv
  gruff (~> 0.3.6)
  heroku_external_db (>= 1.0.0)
  i18n (= 0.4.2)
  illyan_client
  jipe (>= 1.0.0)
  launchy
  mysql2 (~> 0.2.18)
  newrelic_rpm
  paginator
  pry-rails
  rack-ssl
  rails (= 2.3.17)
  rmagick
  rmagick4j
  rubycas-client (~> 2.2.0)
  sequel
  shoulda
  sqlite3
  thin
  will_paginate (~> 2.3.16)
  xebec (= 2.6.0)
